GIT
  remote: https://github.com/mishavetl/rubygarage-codebreaker
  revision: 792ccf5ddf3e5eeda6b6c17971d2e1c9d0c7c17d
  specs:
    codebreaker (0.1.0)

PATH
  remote: .
  specs:
    codebreaker-web (0.1.0)

GEM
  remote: https://rubygems.org/
  specs:
    diff-lcs (1.3)
    rack (2.0.3)
    rake (10.5.0)
    rspec (3.7.0)
      rspec-core (~> 3.7.0)
      rspec-expectations (~> 3.7.0)
      rspec-mocks (~> 3.7.0)
    rspec-core (3.7.1)
      rspec-support (~> 3.7.0)
    rspec-expectations (3.7.0)
      diff-lcs (>= 1.2.0, < 2.0)
      rspec-support (~> 3.7.0)
    rspec-mocks (3.7.0)
      diff-lcs (>= 1.2.0, < 2.0)
      rspec-support (~> 3.7.0)
    rspec-support (3.7.0)

PLATFORMS
  ruby

DEPENDENCIES
  bundler (~> 1.16)
  codebreaker!
  codebreaker-web!
  rack
  rake (~> 10.0)
  rspec (~> 3.0)

BUNDLED WITH
   1.16.1
